GEM
  remote: https://rubygems.org/
  specs:
    calyx (0.20.0)

PLATFORMS
  ruby

DEPENDENCIES
  calyx

BUNDLED WITH
   2.1.4
